GEM
  remote: https://rubygems.org/
  specs:
    log4r (1.1.10)
    minitest (5.9.0)
    optiflag (0.7)
    rake (11.2.2)

PLATFORMS
  x64-mingw32
  x86-mingw32

DEPENDENCIES
  log4r
  minitest
  optiflag
  rake

RUBY VERSION
   ruby 1.8.7p374

BUNDLED WITH
   1.12.5
